STORAGE: NONE
RESTRICTION: || (== net8.0) (== netcoreapp3.1) (== netstandard2.1)
NUGET
  remote: https://api.nuget.org/v3/index.json
    Aether (8.3.1)
      FSharp.Core (>= 4.3.4)
    Argu (6.2.5)
      FSharp.Core (>= 6.0)
      System.Configuration.ConfigurationManager (>= 4.4)
    Fantomas.Core (6.3.16)
      Fantomas.FCS (>= 6.3.16)
      FSharp.Core (>= 6.0.1)
    Fantomas.FCS (6.3.16)
      FSharp.Core (>= 6.0.1)
      System.Collections.Immutable (>= 7.0)
      System.Diagnostics.DiagnosticSource (>= 7.0)
      System.Memory (>= 4.5.5)
      System.Runtime (>= 4.3.1)
    FSharp.Compiler.Service (43.9.100)
      FSharp.Core (9.0.100)
      System.Buffers (>= 4.5.1)
      System.Collections.Immutable (>= 8.0)
      System.Diagnostics.DiagnosticSource (>= 8.0)
      System.Memory (>= 4.5.5)
      System.Reflection.Emit (>= 4.7)
      System.Reflection.Metadata (>= 8.0)
      System.Runtime.CompilerServices.Unsafe (>= 6.0)
    FSharp.Core (9.0.100)
    McMaster.NETCore.Plugins (1.4)
      Microsoft.DotNet.PlatformAbstractions (>= 3.1.6) - restriction: || (== net8.0) (== netcoreapp3.1) (&& (== netstandard2.1) (>= netcoreapp2.1))
      Microsoft.Extensions.DependencyModel (>= 5.0) - restriction: || (== net8.0) (== netcoreapp3.1) (&& (== netstandard2.1) (>= netcoreapp2.1))
    Microsoft.DotNet.PlatformAbstractions (3.1.6) - restriction: || (== net8.0) (== netcoreapp3.1) (&& (== netstandard2.1) (>= netcoreapp2.1))
    Microsoft.Extensions.DependencyModel (6.0) - restriction: || (== net8.0) (== netcoreapp3.1) (&& (== netstandard2.1) (>= netcoreapp2.1))
      System.Buffers (>= 4.5.1)
      System.Memory (>= 4.5.4)
      System.Runtime.CompilerServices.Unsafe (>= 6.0)
      System.Text.Encodings.Web (>= 6.0)
      System.Text.Json (>= 6.0)
    Microsoft.NETCore.Platforms (6.0.3)
    Microsoft.NETCore.Targets (5.0)
    Microsoft.Win32.SystemEvents (6.0.1) - restriction: || (== net8.0) (== netcoreapp3.1) (&& (== netstandard2.1) (>= netcoreapp3.1))
    System.Buffers (4.5.1)
    System.Collections.Immutable (8.0)
      System.Memory (>= 4.5.5) - restriction: || (&& (== net8.0) (>= net462)) (&& (== net8.0) (< net6.0)) (== netcoreapp3.1) (== netstandard2.1)
      System.Runtime.CompilerServices.Unsafe (>= 6.0) - restriction: || (&& (== net8.0) (>= net462)) (&& (== net8.0) (< net6.0)) (&& (== net8.0) (< net7.0)) (== netcoreapp3.1) (== netstandard2.1)
    System.Configuration.ConfigurationManager (6.0)
      System.Security.Cryptography.ProtectedData (>= 6.0)
      System.Security.Permissions (>= 6.0)
    System.Diagnostics.DiagnosticSource (9.0)
      System.Memory (>= 4.5.5) - restriction: || (&& (== net8.0) (>= net462)) (== netcoreapp3.1) (== netstandard2.1)
      System.Runtime.CompilerServices.Unsafe (>= 6.0) - restriction: || (&& (== net8.0) (>= net462)) (== netcoreapp3.1) (== netstandard2.1)
    System.Drawing.Common (6.0) - restriction: || (== net8.0) (== netcoreapp3.1) (&& (== netstandard2.1) (>= netcoreapp3.1))
      Microsoft.Win32.SystemEvents (>= 6.0) - restriction: || (== net8.0) (== netcoreapp3.1) (&& (== netstandard2.1) (>= netcoreapp3.1))
    System.Memory (4.5.5)
      System.Buffers (>= 4.5.1) - restriction: || (&& (== net8.0) (>= monotouch)) (&& (== net8.0) (>= net461)) (&& (== net8.0) (< netcoreapp2.0)) (&& (== net8.0) (< netstandard1.1)) (&& (== net8.0) (< netstandard2.0)) (&& (== net8.0) (>= xamarinios)) (&& (== net8.0) (>= xamarinmac)) (&& (== net8.0) (>= xamarintvos)) (&& (== net8.0) (>= xamarinwatchos)) (&& (== netcoreapp3.1) (>= monotouch)) (&& (== netcoreapp3.1) (>= net461)) (&& (== netcoreapp3.1) (< netcoreapp2.0)) (&& (== netcoreapp3.1) (< netstandard1.1)) (&& (== netcoreapp3.1) (< netstandard2.0)) (&& (== netcoreapp3.1) (>= xamarinios)) (&& (== netcoreapp3.1) (>= xamarinmac)) (&& (== netcoreapp3.1) (>= xamarintvos)) (&& (== netcoreapp3.1) (>= xamarinwatchos)) (== netstandard2.1)
      System.Numerics.Vectors (>= 4.4) - restriction: || (&& (== net8.0) (< netcoreapp2.0)) (&& (== netcoreapp3.1) (< netcoreapp2.0)) (== netstandard2.1)
      System.Runtime.CompilerServices.Unsafe (>= 4.5.3) - restriction: || (&& (== net8.0) (>= monotouch)) (&& (== net8.0) (>= net461)) (&& (== net8.0) (< netcoreapp2.0)) (&& (== net8.0) (< netcoreapp2.1)) (&& (== net8.0) (< netstandard1.1)) (&& (== net8.0) (< netstandard2.0)) (&& (== net8.0) (>= uap10.1)) (&& (== net8.0) (>= xamarinios)) (&& (== net8.0) (>= xamarinmac)) (&& (== net8.0) (>= xamarintvos)) (&& (== net8.0) (>= xamarinwatchos)) (&& (== netcoreapp3.1) (>= monotouch)) (&& (== netcoreapp3.1) (>= net461)) (&& (== netcoreapp3.1) (< netcoreapp2.0)) (&& (== netcoreapp3.1) (< netcoreapp2.1)) (&& (== netcoreapp3.1) (< netstandard1.1)) (&& (== netcoreapp3.1) (< netstandard2.0)) (&& (== netcoreapp3.1) (>= uap10.1)) (&& (== netcoreapp3.1) (>= xamarinios)) (&& (== netcoreapp3.1) (>= xamarinmac)) (&& (== netcoreapp3.1) (>= xamarintvos)) (&& (== netcoreapp3.1) (>= xamarinwatchos)) (== netstandard2.1)
    System.Numerics.Vectors (4.5) - restriction: || (&& (== net8.0) (< netcoreapp2.0)) (&& (== netcoreapp3.1) (< netcoreapp2.0)) (== netstandard2.1)
    System.Reflection.Emit (4.7)
    System.Reflection.Metadata (8.0.1)
      System.Collections.Immutable (>= 8.0) - restriction: || (&& (== net8.0) (>= net462)) (&& (== net8.0) (< net6.0)) (&& (== net8.0) (< net7.0)) (== netcoreapp3.1) (== netstandard2.1)
      System.Memory (>= 4.5.5) - restriction: || (&& (== net8.0) (>= net462)) (&& (== net8.0) (< net6.0)) (== netcoreapp3.1) (== netstandard2.1)
    System.Runtime (4.3.1)
      Microsoft.NETCore.Platforms (>= 1.1.1)
      Microsoft.NETCore.Targets (>= 1.1.3)
    System.Runtime.CompilerServices.Unsafe (6.0)
    System.Security.AccessControl (6.0)
      System.Security.Principal.Windows (>= 5.0) - restriction: || (&& (== net8.0) (>= net461)) (&& (== net8.0) (< net6.0)) (== netcoreapp3.1) (== netstandard2.1)
    System.Security.Cryptography.ProtectedData (6.0)
      System.Memory (>= 4.5.4) - restriction: || (&& (== net8.0) (< net6.0)) (== netcoreapp3.1) (== netstandard2.1)
    System.Security.Permissions (6.0)
      System.Security.AccessControl (>= 6.0)
      System.Windows.Extensions (>= 6.0) - restriction: || (== net8.0) (== netcoreapp3.1) (&& (== netstandard2.1) (>= netcoreapp3.1))
    System.Security.Principal.Windows (5.0) - restriction: || (&& (== net8.0) (>= net461)) (&& (== net8.0) (< net6.0)) (== netcoreapp3.1) (== netstandard2.1)
    System.Text.Encodings.Web (6.0) - restriction: || (== net8.0) (== netcoreapp3.1) (&& (== netstandard2.1) (>= netcoreapp2.1))
      System.Runtime.CompilerServices.Unsafe (>= 6.0)
    System.Text.Json (6.0.3) - restriction: || (== net8.0) (== netcoreapp3.1) (&& (== netstandard2.1) (>= netcoreapp2.1))
      System.Runtime.CompilerServices.Unsafe (>= 6.0)
      System.Text.Encodings.Web (>= 6.0)
    System.Windows.Extensions (6.0) - restriction: || (== net8.0) (== netcoreapp3.1) (&& (== netstandard2.1) (>= netcoreapp3.1))
      System.Drawing.Common (>= 6.0) - restriction: || (== net8.0) (== netcoreapp3.1) (&& (== netstandard2.1) (>= netcoreapp3.1))
    Tomlyn (0.18)

GROUP Test
STORAGE: NONE
RESTRICTION: || (== net6.0) (== netcoreapp3.1) (== netstandard2.1)
NUGET
  remote: https://api.nuget.org/v3/index.json
    Aether (8.3.1)
      FSharp.Core (>= 4.3.4)
    Expecto (10.2.1)
      FSharp.Core (>= 7.0.200) - restriction: || (== net6.0) (&& (== netcoreapp3.1) (>= net6.0)) (&& (== netstandard2.1) (>= net6.0))
      Mono.Cecil (>= 0.11.4 < 1.0) - restriction: || (== net6.0) (&& (== netcoreapp3.1) (>= net6.0)) (&& (== netstandard2.1) (>= net6.0))
    FSharp.Core (9.0.100)
    Mono.Cecil (0.11.6) - restriction: || (== net6.0) (&& (== netcoreapp3.1) (>= net6.0)) (&& (== netstandard2.1) (>= net6.0))
